GEM
  remote: https://rubygems.org/
  specs:
    beefcake (0.3.7)
    bouncy-castle-java (1.5.0146.1)
    builder (3.1.4)
    coderay (1.0.8)
    diff-lcs (1.1.3)
    excon (0.16.10)
    i18n (0.6.1)
    innertube (1.0.2)
    jruby-openssl (0.8.2)
      bouncy-castle-java (>= 1.5.0146.1)
    limelight (0.6.19-java)
    method_source (0.8.1)
    multi_json (1.5.0)
    pry (0.9.10)
      coderay (~> 1.0.5)
      method_source (~> 0.8)
      slop (~> 3.3.1)
    pry (0.9.10-java)
      coderay (~> 1.0.5)
      method_source (~> 0.8)
      slop (~> 3.3.1)
      spoon (~> 0.0)
    riak-client (1.1.1)
      beefcake (~> 0.3.7)
      builder (>= 2.1.2)
      i18n (>= 0.4.0)
      innertube (~> 1.0.2)
      multi_json (~> 1.0)
    rspec (2.12.0)
      rspec-core (~> 2.12.0)
      rspec-expectations (~> 2.12.0)
      rspec-mocks (~> 2.12.0)
    rspec-core (2.12.2)
    rspec-expectations (2.12.1)
      diff-lcs (~> 1.1.3)
    rspec-mocks (2.12.0)
    slop (3.3.3)
    spoon (0.0.1)

PLATFORMS
  java
  ruby

DEPENDENCIES
  excon
  jruby-openssl
  limelight (= 0.6.19)
  pry
  riak-client
  rspec
