GEM
  remote: http://rubygems.org/
  specs:
    beefcake (0.3.7)
    builder (3.0.4)
    diff-lcs (1.1.3)
    i18n (0.6.1)
    innertube (1.0.2)
    multi_json (1.3.7)
    rake (10.0.2)
    riak-client (1.1.0)
      beefcake (~> 0.3.7)
      builder (>= 2.1.2)
      i18n (>= 0.4.0)
      innertube (~> 1.0.2)
      multi_json (~> 1.0)
    rspec (2.12.0)
      rspec-core (~> 2.12.0)
      rspec-expectations (~> 2.12.0)
      rspec-mocks (~> 2.12.0)
    rspec-core (2.12.1)
    rspec-expectations (2.12.0)
      diff-lcs (~> 1.1.3)
    rspec-mocks (2.12.0)
    simplecov (0.7.1)
      multi_json (~> 1.0)
      simplecov-html (~> 0.7.1)
    simplecov-html (0.7.1)

PLATFORMS
  java
  ruby

DEPENDENCIES
  rake
  riak-client
  rspec
  simplecov
