GEM
  remote: https://rubygems.org/
  specs:
    beefcake (0.3.7)
    builder (3.1.4)
    diff-lcs (1.1.3)
    i18n (0.6.1)
    innertube (1.0.2)
    limelight (0.6.19-java)
    multi_json (1.5.0)
    riak-client (1.1.1)
      beefcake (~> 0.3.7)
      builder (>= 2.1.2)
      i18n (>= 0.4.0)
      innertube (~> 1.0.2)
      multi_json (~> 1.0)
    rspec (2.12.0)
      rspec-core (~> 2.12.0)
      rspec-expectations (~> 2.12.0)
      rspec-mocks (~> 2.12.0)
    rspec-core (2.12.2)
    rspec-expectations (2.12.1)
      diff-lcs (~> 1.1.3)
    rspec-mocks (2.12.0)

PLATFORMS
  java

DEPENDENCIES
  limelight (= 0.6.19)
  riak-client
  rspec
